GEM
  remote: http://rubygems.org/
  specs:
    addressable (2.3.6)
    builder (3.2.2)
    commander (4.2.1)
      highline (~> 1.6.11)
    coveralls (0.7.1)
      multi_json (~> 1.3)
      rest-client
      simplecov (>= 0.7)
      term-ansicolor
      thor
    descendants_tracker (0.0.4)
      thread_safe (~> 0.3, >= 0.3.1)
    diff-lcs (1.2.5)
    docile (1.1.5)
    dotenv (1.0.2)
    facets (2.9.3)
    fakefs (0.6.0)
    faraday (0.9.0)
      multipart-post (>= 1.2, < 3)
    gem-release (0.7.3)
    gemcutter (0.7.1)
    git (1.2.8)
    github_api (0.12.2)
      addressable (~> 2.3)
      descendants_tracker (~> 0.0.4)
      faraday (~> 0.8, < 0.10)
      hashie (>= 3.3)
      multi_json (>= 1.7.5, < 2.0)
      nokogiri (~> 1.6.3)
      oauth2
    growl (1.0.3)
    hashie (3.3.1)
    highline (1.6.21)
    jeweler (2.0.1)
      builder
      bundler (>= 1.0)
      git (>= 1.2.5)
      github_api
      highline (>= 1.6.15)
      nokogiri (>= 1.5.10)
      rake
      rdoc
    json (1.8.1)
    jwt (1.0.0)
    launchdr (3)
      facets
      plist
      uuid
    macaddr (1.7.1)
      systemu (~> 2.6.2)
    mime-types (2.4.3)
    mini_portile (0.6.1)
    multi_json (1.10.1)
    multi_scheduler (0.1.2)
      launchdr (= 3)
    multi_xml (0.5.5)
    multipart-post (2.0.0)
    mutaconf (0.2.0)
      multi_json (~> 1.7)
    netrc (0.8.0)
    nokogiri (1.6.4.1)
      mini_portile (~> 0.6.0)
    notifies (0.1.0)
      growl (~> 1.0.3)
      terminal-notifier-guard (~> 1.5.3)
    oauth2 (1.0.0)
      faraday (>= 0.8, < 0.10)
      jwt (~> 1.0)
      multi_json (~> 1.3)
      multi_xml (~> 0.5)
      rack (~> 1.2)
    paint (0.8.7)
    plist (3.1.0)
    rack (1.5.2)
    rake (10.3.2)
    rake-version (0.4.1)
      rake (~> 10)
    rdoc (4.1.2)
      json (~> 1.4)
    rest-client (1.7.2)
      mime-types (>= 1.16, < 3.0)
      netrc (~> 0.7)
    rspec (3.1.0)
      rspec-core (~> 3.1.0)
      rspec-expectations (~> 3.1.0)
      rspec-mocks (~> 3.1.0)
    rspec-core (3.1.7)
      rspec-support (~> 3.1.0)
    rspec-expectations (3.1.2)
      diff-lcs (>= 1.2.0, < 2.0)
      rspec-support (~> 3.1.0)
    rspec-mocks (3.1.3)
      rspec-support (~> 3.1.0)
    rspec-support (3.1.2)
    simplecov (0.9.1)
      docile (~> 1.1.0)
      multi_json (~> 1.0)
      simplecov-html (~> 0.8.0)
    simplecov-html (0.8.0)
    systemu (2.6.4)
    term-ansicolor (1.3.0)
      tins (~> 1.0)
    terminal-notifier-guard (1.5.3)
    thor (0.19.1)
    thread_safe (0.3.4)
    tins (1.3.3)
    uuid (2.3.7)
      macaddr (~> 1.0)
    which_works (1.0.2)

PLATFORMS
  ruby

DEPENDENCIES
  bundler
  commander (~> 4.2.1)
  coveralls
  dotenv (~> 1.0.2)
  fakefs
  gem-release
  gemcutter
  jeweler
  multi_scheduler (~> 0.1.2)
  mutaconf (~> 0.2.0)
  notifies (~> 0.1.0)
  paint (~> 0.8.5)
  rake
  rake-version
  rspec
  simplecov
  which_works (~> 1.0.0)
