GEM
  remote: http://rubygems.org/
  specs:
    activesupport (3.2.13)
      i18n (= 0.6.1)
      multi_json (~> 1.0)
    chronic (0.9.1)
    commander (4.1.3)
      highline (~> 1.6.11)
    diff-lcs (1.2.3)
    dotenv (0.6.0)
    gem-release (0.5.3)
    gemcutter (0.7.1)
    git (1.2.5)
    highline (1.6.16)
    i18n (0.6.1)
    jeweler (1.8.4)
      bundler (~> 1.0)
      git (>= 1.2.5)
      rake
      rdoc
    json (1.7.7)
    multi_json (1.7.2)
    mutaconf (0.0.7)
    paint (0.8.5)
    rake (10.0.4)
    rake-version (0.3.1)
      rake (~> 10)
    rdoc (4.0.1)
      json (~> 1.4)
    rspec (2.13.0)
      rspec-core (~> 2.13.0)
      rspec-expectations (~> 2.13.0)
      rspec-mocks (~> 2.13.0)
    rspec-core (2.13.1)
    rspec-expectations (2.13.0)
      diff-lcs (>= 1.1.3, < 2.0)
    rspec-mocks (2.13.1)
    simplecov (0.7.1)
      multi_json (~> 1.0)
      simplecov-html (~> 0.7.1)
    simplecov-html (0.7.1)
    whenever (0.8.2)
      activesupport (>= 2.3.4)
      chronic (>= 0.6.3)
    which_works (1.0.0)

PLATFORMS
  ruby

DEPENDENCIES
  bundler
  commander (~> 4.1.2)
  dotenv (~> 0.6.0)
  gem-release
  gemcutter
  jeweler
  mutaconf (~> 0.0.7)
  paint (~> 0.8.5)
  rake
  rake-version
  rspec
  simplecov
  whenever (~> 0.8.2)
  which_works (~> 1.0.0)
