GEM
  remote: http://rubygems.org/
  specs:
    commander (4.1.3)
      highline (~> 1.6.11)
    diff-lcs (1.2.4)
    dotenv (0.8.0)
    facets (2.9.3)
    gem-release (0.6.0)
    gemcutter (0.7.1)
    git (1.2.5)
    highline (1.6.19)
    jeweler (1.8.4)
      bundler (~> 1.0)
      git (>= 1.2.5)
      rake
      rdoc
    json (1.8.0)
    launchdr (3)
      facets
      plist
      uuid
    macaddr (1.6.1)
      systemu (~> 2.5.0)
    multi_json (1.7.7)
    mutaconf (0.2.0)
      multi_json (~> 1.7)
    paint (0.8.6)
    plist (3.1.0)
    rake (10.1.0)
    rake-version (0.3.1)
      rake (~> 10)
    rdoc (4.0.1)
      json (~> 1.4)
    rspec (2.13.0)
      rspec-core (~> 2.13.0)
      rspec-expectations (~> 2.13.0)
      rspec-mocks (~> 2.13.0)
    rspec-core (2.13.1)
    rspec-expectations (2.13.0)
      diff-lcs (>= 1.1.3, < 2.0)
    rspec-mocks (2.13.1)
    simplecov (0.7.1)
      multi_json (~> 1.0)
      simplecov-html (~> 0.7.1)
    simplecov-html (0.7.1)
    systemu (2.5.2)
    uuid (2.3.7)
      macaddr (~> 1.0)
    which_works (1.0.0)

PLATFORMS
  ruby

DEPENDENCIES
  bundler
  commander (~> 4.1.2)
  dotenv (~> 0.8.0)
  gem-release
  gemcutter
  jeweler
  launchdr (= 3)
  mutaconf (~> 0.2.0)
  paint (~> 0.8.5)
  rake
  rake-version
  rspec
  simplecov
  which_works (~> 1.0.0)
